GEM
  remote: http://rubygems.org/
  specs:
    coffee-script (2.2.0)
      coffee-script-source
      execjs
    coffee-script-source (1.3.3)
    execjs (1.4.0)
      multi_json (~> 1.0)
    growl (1.0.3)
    guard (1.4.0)
      listen (>= 0.4.2)
      thor (>= 0.14.6)
    guard-coffeescript (1.2.0)
      coffee-script (>= 2.2.0)
      guard (>= 1.1.0)
    listen (0.5.2)
    multi_json (1.3.6)
    rb-fsevent (0.9.1)
    thor (0.16.0)

PLATFORMS
  ruby

DEPENDENCIES
  coffee-script
  growl
  guard
  guard-coffeescript
  rb-fsevent (~> 0.9.1)
